GIT
  remote: git://github.com/plexus/rmmseg.git
  revision: 73fb91682ddf955e6e72722cc3f2adbecaf7508d
  specs:
    rmmseg (0.1.6)

GIT
  remote: git://github.com/plexus/ting.git
  revision: 63491759a6b40c8dddc7aadcf16fce833ea107ba
  specs:
    ting (0.9.0)

GIT
  remote: https://github.com/rom-rb/devtools.git
  revision: 62d3fa16941e5b61e1e8bb520a1b40d6179aebf5
  specs:
    devtools (0.0.2)

PATH
  remote: .
  specs:
    analects (0.2.0)
      ice_nine
      inflecto (~> 0.0.2)
      rmmseg
      ting (~> 0.9.0)

GEM
  remote: https://rubygems.org/
  specs:
    abstract_type (0.0.7)
    adamantium (0.2.0)
      ice_nine (~> 0.11.0)
      memoizable (~> 0.4.0)
    anima (0.2.0)
      abstract_type (~> 0.0.7)
      adamantium (~> 0.1)
      equalizer (~> 0.0.8)
    ast (1.1.0)
    atomic (1.1.15)
    celluloid (0.15.2)
      timers (~> 1.1.0)
    celluloid-io (0.15.0)
      celluloid (>= 0.15.0)
      nio4r (>= 0.5.0)
    coderay (1.1.0)
    concord (0.1.4)
      adamantium (~> 0.1)
      equalizer (~> 0.0.7)
    coveralls (0.7.0)
      multi_json (~> 1.3)
      rest-client
      simplecov (>= 0.7)
      term-ansicolor
      thor
    descendants_tracker (0.0.3)
    diff-lcs (1.2.5)
    docile (1.1.3)
    equalizer (0.0.9)
    ffi (1.9.3)
    ffi-hunspell (0.3.0)
      ffi (~> 1.0)
    flay (2.4.0)
      ruby_parser (~> 3.0)
      sexp_processor (~> 4.0)
    flog (4.2.0)
      ruby_parser (~> 3.1, > 3.1.0)
      sexp_processor (~> 4.4)
    formatador (0.2.4)
    guard (2.4.0)
      formatador (>= 0.2.4)
      listen (~> 2.1)
      lumberjack (~> 1.0)
      pry (>= 0.9.12)
      thor (>= 0.18.1)
    guard-bundler (2.0.0)
      bundler (~> 1.0)
      guard (~> 2.2)
    guard-rspec (4.2.8)
      guard (~> 2.1)
      rspec (>= 2.14, < 4.0)
    guard-rubocop (1.0.2)
      guard (~> 2.0)
      rubocop (~> 0.10)
    ice_nine (0.11.0)
    inflecto (0.0.2)
    json (1.8.1)
    kramdown (1.3.2)
    libnotify (0.8.2)
      ffi (>= 1.0.11)
    listen (2.5.0)
      celluloid (>= 0.15.2)
      celluloid-io (>= 0.15.0)
      rb-fsevent (>= 0.9.3)
      rb-inotify (>= 0.9)
    lumberjack (1.0.4)
    memoizable (0.4.1)
      thread_safe (~> 0.2.0)
    method_source (0.8.2)
    mime-types (2.2)
    morpher (0.2.0)
      abstract_type (~> 0.0.7)
      adamantium (~> 0.2.0)
      anima (~> 0.2.0)
      ast (~> 1.1.0)
      concord (~> 0.1.4)
      equalizer (~> 0.0.9)
      ice_nine (~> 0.11.0)
      procto (~> 0.0.2)
    multi_json (1.9.0)
    mutant (0.5.6)
      abstract_type (~> 0.0.7)
      adamantium (~> 0.2.0)
      anima (~> 0.2.0)
      concord (~> 0.1.4)
      descendants_tracker (~> 0.0.1)
      diff-lcs (~> 1.2)
      equalizer (~> 0.0.7)
      ice_nine (~> 0.11.0)
      inflecto (~> 0.0.2)
      morpher (~> 0.2.0)
      parser (~> 2.1)
      procto (~> 0.0.2)
      unparser (~> 0.1.8)
    mutant-rspec (0.5.3)
      mutant (~> 0.5.3)
      rspec-core (>= 2.14.1, <= 3.0.0.beta2)
    nio4r (1.0.0)
    parser (2.1.7)
      ast (~> 1.1)
      slop (~> 3.4, >= 3.4.5)
    powerpack (0.0.9)
    procto (0.0.2)
    pry (0.9.12.6)
      coderay (~> 1.0)
      method_source (~> 0.8)
      slop (~> 3.4)
    racc (1.4.11)
    rainbow (2.0.0)
    rake (10.1.1)
    rb-fchange (0.0.6)
      ffi
    rb-fsevent (0.9.4)
    rb-inotify (0.9.3)
      ffi (>= 0.5.0)
    rb-notifu (0.0.4)
    rbench (0.2.3)
    reek (1.3.6)
      ruby2ruby (~> 2.0.7)
      ruby_parser (~> 3.2)
      sexp_processor
    rest-client (1.6.7)
      mime-types (>= 1.16)
    rspec (2.14.1)
      rspec-core (~> 2.14.0)
      rspec-expectations (~> 2.14.0)
      rspec-mocks (~> 2.14.0)
    rspec-core (2.14.8)
    rspec-expectations (2.14.5)
      diff-lcs (>= 1.1.3, < 2.0)
    rspec-mocks (2.14.6)
    rubocop (0.18.1)
      json (>= 1.7.7, < 2)
      parser (~> 2.1.3)
      powerpack (~> 0.0.6)
      rainbow (>= 1.99.1, < 3.0)
    ruby2ruby (2.0.7)
      ruby_parser (~> 3.1)
      sexp_processor (~> 4.0)
    ruby_parser (3.4.1)
      sexp_processor (~> 4.1)
    rubygems-tasks (0.2.4)
    rubysl-logger (2.0.0)
    rubysl-open-uri (2.0.0)
    rubysl-prettyprint (2.0.3)
    rubysl-singleton (2.0.0)
    sexp_processor (4.4.2)
    simplecov (0.8.2)
      docile (~> 1.1.0)
      multi_json
      simplecov-html (~> 0.8.0)
    simplecov-html (0.8.0)
    slop (3.5.0)
    term-ansicolor (1.3.0)
      tins (~> 1.0)
    terminal-notifier-guard (1.5.3)
    thor (0.18.1)
    thread_safe (0.2.0)
      atomic (>= 1.1.7, < 2)
    timers (1.1.0)
    tins (1.0.0)
    unparser (0.1.9)
      abstract_type (~> 0.0.7)
      adamantium (~> 0.1)
      concord (~> 0.1.4)
      equalizer (~> 0.0.7)
      parser (~> 2.1.0)
      procto (~> 0.0.2)
    yard (0.8.7.3)
    yard-spellcheck (0.1.5)
      ffi-hunspell (~> 0.2)
      yard (~> 0.6)
    yardstick (0.9.9)
      yard (~> 0.8, >= 0.8.7.2)

PLATFORMS
  ruby

DEPENDENCIES
  analects!
  coveralls (~> 0.7.0)
  devtools!
  flay (~> 2.4.0)
  flog (~> 4.2.0)
  guard (~> 2.4.0)
  guard-bundler (~> 2.0.0)
  guard-rspec (~> 4.2.6)
  guard-rubocop (~> 1.0.2)
  jruby-openssl (~> 0.8.5)
  json (~> 1.8.1)
  kramdown (~> 1.3.2)
  libnotify (~> 0.8.0)
  listen (~> 2.5.0)
  mutant (~> 0.5.3)
  mutant-rspec (~> 0.5.3)
  pry
  racc (~> 1.4)
  rake (~> 10.1.0)
  rb-fchange (~> 0.0.6)
  rb-fsevent (~> 0.9.3)
  rb-inotify (~> 0.9.0)
  rb-notifu (~> 0.0.4)
  rbench (~> 0.2.3)
  reek (~> 1.3.2)
  rmmseg!
  rspec (~> 2.14.1)
  rspec-core (~> 2.14.8)
  rubocop (~> 0.18.1)
  rubygems-tasks
  rubysl-logger (~> 2.0.0)
  rubysl-open-uri (~> 2.0.0)
  rubysl-prettyprint (~> 2.0.2)
  rubysl-singleton (~> 2.0.0)
  simplecov (~> 0.8.2)
  terminal-notifier-guard (~> 1.5.3)
  ting!
  yard (~> 0.8.7)
  yard-spellcheck (~> 0.1.5)
  yardstick (~> 0.9.9)
