PATH
  remote: .
  specs:
    analects (0.4.2)
      ice_nine (~> 0.11.0)
      inflecto (~> 0.0.2)
      plexus-rmmseg (~> 0.1.6)
      rubyzip (~> 1.1)
      ting (~> 0.9.0)

GEM
  remote: https://rubygems.org/
  specs:
    coderay (1.1.0)
    diff-lcs (1.2.5)
    ice_nine (0.11.1)
    inflecto (0.0.2)
    method_source (0.8.2)
    plexus-rmmseg (0.1.6)
    pry (0.10.1)
      coderay (~> 1.1.0)
      method_source (~> 0.8.1)
      slop (~> 3.4)
    rake (10.4.2)
    rspec (3.2.0)
      rspec-core (~> 3.2.0)
      rspec-expectations (~> 3.2.0)
      rspec-mocks (~> 3.2.0)
    rspec-core (3.2.0)
      rspec-support (~> 3.2.0)
    rspec-expectations (3.2.1)
      diff-lcs (>= 1.2.0, < 2.0)
      rspec-support (~> 3.2.0)
    rspec-its (1.2.0)
      rspec-core (>= 3.0.0)
      rspec-expectations (>= 3.0.0)
    rspec-mocks (3.2.1)
      diff-lcs (>= 1.2.0, < 2.0)
      rspec-support (~> 3.2.0)
    rspec-support (3.2.2)
    rubyzip (1.1.7)
    slop (3.6.0)
    ting (0.9.0)

PLATFORMS
  ruby

DEPENDENCIES
  analects!
  pry
  rake
  rspec
  rspec-its
