GIT
  remote: git://github.com/plexus/rmmseg.git
  revision: 73fb91682ddf955e6e72722cc3f2adbecaf7508d
  specs:
    rmmseg (0.1.6)

GIT
  remote: https://github.com/dkubb/yardstick.git
  revision: 3d0b28f2044cb9e33353c962d3d8f833ed764045
  specs:
    yardstick (0.9.9)
      yard (~> 0.8, >= 0.8.7.2)

GIT
  remote: https://github.com/rom-rb/devtools.git
  revision: 6c73036e93244e6392504bfe226139181589e20d
  specs:
    devtools (0.0.2)

PATH
  remote: .
  specs:
    analects (0.2.0)
      activesupport (>= 3.1)
      rmmseg
      rom

GEM
  remote: https://rubygems.org/
  specs:
    abstract_type (0.0.7)
    activesupport (4.0.2)
      i18n (~> 0.6, >= 0.6.4)
      minitest (~> 4.2)
      multi_json (~> 1.3)
      thread_safe (~> 0.1)
      tzinfo (~> 0.3.37)
    adamantium (0.2.0)
      ice_nine (~> 0.11.0)
      memoizable (~> 0.4.0)
    addressable (2.3.5)
    ast (1.1.0)
    atomic (1.1.14)
    axiom (0.1.1)
      abstract_type (~> 0.0.5)
      adamantium (~> 0.1)
      axiom-types (~> 0.0.3)
      descendants_tracker (~> 0.0.1)
      equalizer (~> 0.0.7)
    axiom-optimizer (0.1.1)
      axiom (~> 0.1.0)
    axiom-types (0.0.5)
      descendants_tracker (~> 0.0.1)
      ice_nine (~> 0.9)
    backports (3.3.5)
    coderay (1.1.0)
    concord (0.1.4)
      adamantium (~> 0.1)
      equalizer (~> 0.0.7)
    coveralls (0.6.9)
      multi_json (~> 1.3)
      rest-client
      simplecov (>= 0.7)
      term-ansicolor
      thor
    descendants_tracker (0.0.3)
    diff-lcs (1.2.4)
    equalizer (0.0.9)
    ffi (1.9.3)
    ffi-hunspell (0.3.0)
      ffi (~> 1.0)
    flay (2.4.0)
      ruby_parser (~> 3.0)
      sexp_processor (~> 4.0)
    flog (4.1.2)
      ruby_parser (~> 3.1, > 3.1.0)
      sexp_processor (~> 4.0)
    formatador (0.2.4)
    guard (1.8.3)
      formatador (>= 0.2.4)
      listen (~> 1.3)
      lumberjack (>= 1.0.2)
      pry (>= 0.9.10)
      thor (>= 0.14.6)
    guard-bundler (1.0.0)
      bundler (~> 1.0)
      guard (~> 1.1)
    guard-rspec (3.0.3)
      guard (>= 1.8)
      rspec (~> 2.13)
    guard-rubocop (0.2.2)
      guard (~> 1.8)
      rubocop (~> 0.10)
    i18n (0.6.9)
    ice_nine (0.11.0)
    kramdown (1.1.0)
    libnotify (0.8.2)
      ffi (>= 1.0.11)
    listen (1.3.1)
      rb-fsevent (>= 0.9.3)
      rb-inotify (>= 0.9)
      rb-kqueue (>= 0.2)
    lumberjack (1.0.4)
    memoizable (0.4.0)
      thread_safe (~> 0.1.3)
    method_source (0.8.2)
    mime-types (2.1)
    minitest (4.7.5)
    multi_json (1.5.0)
    parser (2.0.0)
      ast (~> 1.1)
      slop (~> 3.4, >= 3.4.5)
    powerpack (0.0.9)
    pry (0.9.12.6)
      coderay (~> 1.0)
      method_source (~> 0.8)
      slop (~> 3.4)
    rainbow (2.0.0)
    rake (10.1.0)
    rb-fchange (0.0.6)
      ffi
    rb-fsevent (0.9.4)
    rb-inotify (0.9.3)
      ffi (>= 0.5.0)
    rb-kqueue (0.2.0)
      ffi (>= 0.5.0)
    rb-notifu (0.0.4)
    rbench (0.2.3)
    reek (1.3.6)
      ruby2ruby (~> 2.0.7)
      ruby_parser (~> 3.2)
      sexp_processor
    rest-client (1.6.7)
      mime-types (>= 1.16)
    rom (0.1.2)
      rom-mapper (~> 0.1.1)
      rom-relation (~> 0.1.2)
      rom-session (~> 0.1.1)
    rom-mapper (0.1.1)
      abstract_type (~> 0.0.6)
      adamantium (~> 0.1)
      concord (~> 0.1.4)
      descendants_tracker (~> 0.0.1)
      equalizer (~> 0.0.7)
    rom-relation (0.1.2)
      abstract_type (~> 0.0.6)
      adamantium (~> 0.1)
      addressable (~> 2.3, >= 2.3.3)
      axiom (~> 0.1.1)
      axiom-optimizer (~> 0.1.1)
      concord (~> 0.1.4)
      descendants_tracker (~> 0.0.1)
      equalizer (~> 0.0.7)
    rom-session (0.1.1)
      abstract_type (~> 0.0.6)
      adamantium (~> 0.1)
      concord (~> 0.1.4)
      equalizer (~> 0.0.7)
    rspec (2.14.1)
      rspec-core (~> 2.14.0)
      rspec-expectations (~> 2.14.0)
      rspec-mocks (~> 2.14.0)
    rspec-core (2.14.5)
    rspec-expectations (2.14.2)
      diff-lcs (>= 1.1.3, < 2.0)
    rspec-mocks (2.14.3)
    rubocop (0.11.1)
      backports (~> 3.3.3)
      parser (~> 2.0.0.pre6)
      powerpack (~> 0.0.3)
      rainbow (>= 1.1.4)
    ruby2ruby (2.0.7)
      ruby_parser (~> 3.1)
      sexp_processor (~> 4.0)
    ruby_parser (3.4.1)
      sexp_processor (~> 4.1)
    rubygems-tasks (0.2.4)
    sexp_processor (4.4.1)
    simplecov (0.7.1)
      multi_json (~> 1.0)
      simplecov-html (~> 0.7.1)
    simplecov-html (0.7.1)
    slop (3.4.7)
    term-ansicolor (1.3.0)
      tins (~> 1.0)
    terminal-notifier-guard (1.5.3)
    thor (0.18.1)
    thread_safe (0.1.3)
      atomic
    tins (1.0.0)
    tzinfo (0.3.38)
    yard (0.8.7.3)
    yard-spellcheck (0.1.5)
      ffi-hunspell (~> 0.2)
      yard (~> 0.6)

PLATFORMS
  ruby

DEPENDENCIES
  analects!
  coveralls (~> 0.6.7)
  devtools!
  flay (~> 2.4.0)
  flog (~> 4.1.1)
  guard (~> 1.8.1)
  guard-bundler (~> 1.0.0)
  guard-rspec (~> 3.0.2)
  guard-rubocop (~> 0.2.0)
  jruby-openssl (~> 0.8.5)
  kramdown (~> 1.1.0)
  libnotify (~> 0.8.0)
  listen (~> 1.3.0)
  rake (~> 10.1.0)
  rb-fchange (~> 0.0.6)
  rb-fsevent (~> 0.9.3)
  rb-inotify (~> 0.9.0)
  rb-notifu (~> 0.0.4)
  rbench (~> 0.2.3)
  reek (~> 1.3.2)
  rmmseg!
  rspec (~> 2.14.1)
  rubocop (~> 0.11.0)
  rubygems-tasks
  simplecov (~> 0.7.1)
  terminal-notifier-guard (~> 1.5.3)
  yard (~> 0.8.7)
  yard-spellcheck (~> 0.1.5)
  yardstick (~> 0.9.7)!
